GEM
  remote: https://rubygems.org/
  specs:
    colorize (0.8.1)
    daemons (1.2.3)
    diff-lcs (1.3)
    equatable (0.5.0)
    eventmachine (1.2.0.1)
    filesize (0.1.1)
    necromancer (0.4.0)
    pastel (0.7.1)
      equatable (~> 0.5.0)
      tty-color (~> 0.4.0)
    rack (2.0.1)
    rake (11.2.2)
    rspec (3.5.0)
      rspec-core (~> 3.5.0)
      rspec-expectations (~> 3.5.0)
      rspec-mocks (~> 3.5.0)
    rspec-core (3.5.4)
      rspec-support (~> 3.5.0)
    rspec-expectations (3.5.0)
      diff-lcs (>= 1.2.0, < 2.0)
      rspec-support (~> 3.5.0)
    rspec-mocks (3.5.0)
      diff-lcs (>= 1.2.0, < 2.0)
      rspec-support (~> 3.5.0)
    rspec-support (3.5.0)
    terminal-table (1.7.3)
      unicode-display_width (~> 1.1.1)
    thin (1.7.0)
      daemons (~> 1.0, >= 1.0.9)
      eventmachine (~> 1.0, >= 1.0.4)
      rack (>= 1, < 3)
    trollop (2.1.2)
    tty-color (0.4.2)
    tty-screen (0.5.0)
    tty-table (0.8.0)
      equatable (~> 0.5.0)
      necromancer (~> 0.4.0)
      pastel (~> 0.7.0)
      tty-screen (~> 0.5.0)
      unicode-display_width (~> 1.1.0)
      verse (~> 0.5.0)
    unicode-display_width (1.1.3)
    unicode_utils (1.4.0)
    verse (0.5.0)
      unicode-display_width (~> 1.1.0)
      unicode_utils (~> 1.4.0)

PLATFORMS
  ruby

DEPENDENCIES
  colorize
  filesize
  rake
  rspec
  terminal-table
  thin
  trollop
  tty-table

RUBY VERSION
   ruby 2.3.1p112

BUNDLED WITH
   1.13.1
