GEM
  remote: https://rubygems.org/
  specs:
    activesupport (4.2.6)
      i18n (~> 0.7)
      json (~> 1.7, >= 1.7.7)
      minitest (~> 5.1)
      thread_safe (~> 0.3, >= 0.3.4)
      tzinfo (~> 1.1)
    after_do (0.4.0)
    arbre (1.0.3)
      activesupport (>= 3.0.0)
    ast (2.2.0)
    cane (3.0.0)
      parallel
    diff-lcs (1.2.5)
    drydock (0.6.9)
    factory_girl (4.7.0)
      activesupport (>= 3.0.0)
    furoshiki (0.3.1)
      plist
      rubyzip (>= 1.0.0)
      warbler (~> 1.4.4)
    hooks (0.4.1)
      uber (~> 0.0.14)
    i18n (0.7.0)
    jruby-jars (1.7.25)
    jruby-rack (1.1.20)
    json (1.8.3)
    json (1.8.3-java)
    mini_portile (0.6.2)
    minitest (5.9.0)
    nokogiri (1.6.4.1)
      mini_portile (~> 0.6.0)
    nokogiri (1.6.4.1-java)
    parallel (1.8.0)
    parser (2.3.1.2)
      ast (~> 2.2)
    plist (3.2.0)
    powerpack (0.1.1)
    rack (1.6.4)
    rainbow (2.1.0)
    rake (11.1.2)
    rspec (3.4.0)
      rspec-core (~> 3.4.0)
      rspec-expectations (~> 3.4.0)
      rspec-mocks (~> 3.4.0)
    rspec-core (3.4.4)
      rspec-support (~> 3.4.0)
    rspec-expectations (3.4.0)
      diff-lcs (>= 1.2.0, < 2.0)
      rspec-support (~> 3.4.0)
    rspec-mocks (3.4.1)
      diff-lcs (>= 1.2.0, < 2.0)
      rspec-support (~> 3.4.0)
    rspec-support (3.4.1)
    rubocop (0.40.0)
      parser (>= 2.3.1.0, < 3.0)
      powerpack (~> 0.1)
      rainbow (>= 1.99.1, < 3.0)
      ruby-progressbar (~> 1.7)
      unicode-display_width (~> 1.0, >= 1.0.1)
    ruby-progressbar (1.8.1)
    rubyzip (1.1.7)
    shoes (4.0.0.pre5)
      shoes-core (= 4.0.0.pre5)
      shoes-manual (~> 4.0.0, >= 4.0.0)
      shoes-swt (= 4.0.0.pre5)
    shoes-core (4.0.0.pre5)
    shoes-highlighter (1.0.1)
    shoes-manual (4.0.0)
      nokogiri (~> 1.6.4.1, >= 1.6.4.1)
      shoes-highlighter (~> 1.0, >= 1.0.0)
    shoes-package (4.0.0.pre5)
      furoshiki (~> 0.3.1)
      shoes-core (= 4.0.0.pre5)
    shoes-swt (4.0.0.pre5)
      after_do (~> 0.3)
      shoes-core (= 4.0.0.pre5)
      shoes-package (= 4.0.0.pre5)
      swt (~> 4.4)
    storable (0.8.9)
    swt (4.4)
    sysinfo (0.8.1)
      drydock
      storable
    thread_safe (0.3.5)
    thread_safe (0.3.5-java)
    tzinfo (1.2.2)
      thread_safe (~> 0.1)
    uber (0.0.15)
    unicode-display_width (1.0.5)
    warbler (1.4.9)
      jruby-jars (>= 1.5.6, < 2.0)
      jruby-rack (>= 1.1.1, < 1.3)
      rake (>= 0.9.6)
      rubyzip (>= 0.9, < 1.2)

PLATFORMS
  java
  ruby

DEPENDENCIES
  arbre
  cane
  factory_girl
  hooks
  rack
  rake
  rspec
  rubocop
  shoes (>= 4.0.0.pre5)
  sysinfo

BUNDLED WITH
   1.12.5
